GEM
  remote: http://rubygems.org/
  specs:
    abstract (1.0.0)
    actionmailer (3.0.5.rc1)
      actionpack (= 3.0.5.rc1)
      mail (~> 2.2.15)
    actionpack (3.0.5.rc1)
      activemodel (= 3.0.5.rc1)
      activesupport (= 3.0.5.rc1)
      builder (~> 2.1.2)
      erubis (~> 2.6.6)
      i18n (~> 0.4)
      rack (~> 1.2.1)
      rack-mount (~> 0.6.13)
      rack-test (~> 0.5.7)
      tzinfo (~> 0.3.23)
    activemodel (3.0.5.rc1)
      activesupport (= 3.0.5.rc1)
      builder (~> 2.1.2)
      i18n (~> 0.4)
    activerecord (3.0.5.rc1)
      activemodel (= 3.0.5.rc1)
      activesupport (= 3.0.5.rc1)
      arel (~> 2.0.2)
      tzinfo (~> 0.3.23)
    activeresource (3.0.5.rc1)
      activemodel (= 3.0.5.rc1)
      activesupport (= 3.0.5.rc1)
    activesupport (3.0.5.rc1)
    addressable (2.2.4)
    arel (2.0.9)
    bcrypt-ruby (2.1.4)
    beanstalk-client (1.1.0)
    builder (2.1.2)
    classifier (1.3.3)
      fast-stemmer (>= 1.0.0)
    columnize (0.3.2)
    directory_watcher (1.3.2)
    erubis (2.6.6)
      abstract (>= 1.0.0)
    faraday (0.5.7)
      addressable (~> 2.2.4)
      multipart-post (~> 1.1.0)
      rack (>= 1.1.0, < 2)
    fast-stemmer (1.0.0)
    i18n (0.5.0)
    jekyll (0.10.0)
      classifier (>= 1.3.1)
      directory_watcher (>= 1.1.1)
      liquid (>= 1.9.0)
      maruku (>= 0.5.9)
    json (1.5.1)
    json_pure (1.5.1)
    linecache (0.43)
    liquid (2.2.2)
    mail (2.2.15)
      activesupport (>= 2.3.6)
      i18n (>= 0.4.0)
      mime-types (~> 1.16)
      treetop (~> 1.4.8)
    maruku (0.6.0)
      syntax (>= 1.0.0)
    mime-types (1.16)
    multi_json (0.0.5)
    multipart-post (1.1.0)
    oauth2 (0.1.1)
      faraday (~> 0.5.0)
      multi_json (~> 0.0.4)
    polyglot (0.3.1)
    rack (1.2.2)
    rack-mount (0.6.14)
      rack (>= 1.0.0)
    rack-test (0.5.7)
      rack (>= 1.0)
    rails (3.0.5.rc1)
      actionmailer (= 3.0.5.rc1)
      actionpack (= 3.0.5.rc1)
      activerecord (= 3.0.5.rc1)
      activeresource (= 3.0.5.rc1)
      activesupport (= 3.0.5.rc1)
      bundler (~> 1.0)
      railties (= 3.0.5.rc1)
    railties (3.0.5.rc1)
      actionpack (= 3.0.5.rc1)
      activesupport (= 3.0.5.rc1)
      rake (>= 0.8.7)
      thor (~> 0.14.4)
    rake (0.8.7)
    ruby-debug (0.10.4)
      columnize (>= 0.1)
      ruby-debug-base (~> 0.10.4.0)
    ruby-debug-base (0.10.4)
      linecache (>= 0.3)
    sqlite3 (1.3.3)
    sqlite3-ruby (1.3.3)
      sqlite3 (>= 1.3.3)
    stalker (0.8.0)
      beanstalk-client
      json_pure
    syntax (1.0.0)
    thor (0.14.6)
    treetop (1.4.9)
      polyglot (>= 0.3.1)
    tzinfo (0.3.26)

PLATFORMS
  ruby

DEPENDENCIES
  bcrypt-ruby
  jekyll (= 0.10.0)
  json
  oauth2 (= 0.1.1)
  rails (= 3.0.5.rc1)
  ruby-debug
  sqlite3-ruby
  stalker
